GIT
  remote: git@github.com:vprokopchuk256/mv-core.git
  revision: 27eb635da3630a67bc9c346b1a2cbb2bd0c2cda6
  specs:
    mv-core (0.1.1)
      activerecord (>= 2.3.5)

GEM
  remote: http://rubygems.org/
  specs:
    ZenTest (4.8.0)
    activemodel (3.2.3)
      activesupport (= 3.2.3)
      builder (~> 3.0.0)
    activerecord (3.2.3)
      activemodel (= 3.2.3)
      activesupport (= 3.2.3)
      arel (~> 3.0.2)
      tzinfo (~> 0.3.29)
    activesupport (3.2.3)
      i18n (~> 0.6)
      multi_json (~> 1.0)
    arel (3.0.2)
    autotest (4.4.6)
      ZenTest (>= 4.4.1)
    builder (3.0.0)
    diff-lcs (1.1.3)
    factory_girl (3.3.0)
      activesupport (>= 3.0.0)
    git (1.2.5)
    i18n (0.6.0)
    jeweler (1.8.3)
      bundler (~> 1.0)
      git (>= 1.2.5)
      rake
      rdoc
    json (1.7.3)
    multi_json (1.3.5)
    mv-test (0.1.1)
      activerecord (>= 2.3.5)
      rspec (~> 2.3.0)
    mysql2 (0.3.11)
    rake (0.9.2.2)
    rdoc (3.12)
      json (~> 1.4)
    rspec (2.3.0)
      rspec-core (~> 2.3.0)
      rspec-expectations (~> 2.3.0)
      rspec-mocks (~> 2.3.0)
    rspec-core (2.3.1)
    rspec-expectations (2.3.0)
      diff-lcs (~> 1.1.2)
    rspec-mocks (2.3.0)
    shoulda (3.0.1)
      shoulda-context (~> 1.0.0)
      shoulda-matchers (~> 1.0.0)
    shoulda-context (1.0.0)
    shoulda-matchers (1.0.0)
    tzinfo (0.3.33)

PLATFORMS
  ruby

DEPENDENCIES
  autotest
  factory_girl
  jeweler
  mv-core!
  mv-test
  mysql2
  rspec
  shoulda
