GEM
  remote: http://rubygems.org/
  specs:
    ZenTest (4.5.0)
    activemodel (3.0.5)
      activesupport (= 3.0.5)
      builder (~> 2.1.2)
      i18n (~> 0.4)
    activerecord (3.0.5)
      activemodel (= 3.0.5)
      activesupport (= 3.0.5)
      arel (~> 2.0.2)
      tzinfo (~> 0.3.23)
    activesupport (3.0.5)
    arel (2.0.9)
    autotest (4.4.6)
      ZenTest (>= 4.4.1)
    builder (2.1.2)
    carlosbrando-autotest-notification (2.0.0)
      ZenTest (>= 3.9.2)
    diff-lcs (1.1.2)
    factory_girl (1.3.3)
    git (1.2.5)
    i18n (0.5.0)
    jeweler (1.5.2)
      bundler (~> 1.0.0)
      git (>= 1.2.5)
      rake
    mv-core (0.1.0)
      activerecord (>= 2.3.5)
    mv-test (0.1.0)
      activerecord (>= 2.3.5)
      rspec (~> 2.3.0)
    mysql (2.8.1)
    rake (0.8.7)
    rcov (0.9.9)
    rspec (2.3.0)
      rspec-core (~> 2.3.0)
      rspec-expectations (~> 2.3.0)
      rspec-mocks (~> 2.3.0)
    rspec-core (2.3.1)
    rspec-expectations (2.3.0)
      diff-lcs (~> 1.1.2)
    rspec-mocks (2.3.0)
    shoulda (2.11.3)
    tzinfo (0.3.24)

PLATFORMS
  ruby

DEPENDENCIES
  autotest
  bundler (~> 1.0.0)
  carlosbrando-autotest-notification
  factory_girl
  jeweler (~> 1.5.2)
  mv-core
  mv-test
  mysql
  rcov
  rspec (~> 2.3.0)
  shoulda
